GEM
  remote: https://rubygems.org/
  specs:
    cssminify (1.0.2)
    dimensions (1.3.0)
    rake (10.4.2)

PLATFORMS
  ruby

DEPENDENCIES
  cssminify
  dimensions
  rake
